GEM
  remote: https://rubygems.org/
  specs:
    builder (3.2.4)
    concurrent-ruby (1.2.0)
    cucumber (8.0.0)
      builder (~> 3.2, >= 3.2.4)
      cucumber-ci-environment (~> 9.0, >= 9.0.4)
      cucumber-core (~> 11.0, >= 11.0.0)
      cucumber-cucumber-expressions (~> 15.1, >= 15.1.1)
      cucumber-gherkin (~> 23.0, >= 23.0.1)
      cucumber-html-formatter (~> 19.1, >= 19.1.0)
      cucumber-messages (~> 18.0, >= 18.0.0)
      diff-lcs (~> 1.5, >= 1.5.0)
      mime-types (~> 3.4, >= 3.4.1)
      multi_test (~> 1.1, >= 1.1.0)
      sys-uname (~> 1.2, >= 1.2.2)
    cucumber-ci-environment (9.1.0)
    cucumber-core (11.0.0)
      cucumber-gherkin (~> 23.0, >= 23.0.1)
      cucumber-messages (~> 18.0, >= 18.0.0)
      cucumber-tag-expressions (~> 4.1, >= 4.1.0)
    cucumber-cucumber-expressions (15.2.0)
    cucumber-gherkin (23.0.1)
      cucumber-messages (~> 18.0, >= 18.0.0)
    cucumber-html-formatter (19.2.0)
      cucumber-messages (~> 18.0, >= 18.0.0)
    cucumber-messages (18.0.0)
    cucumber-tag-expressions (4.1.0)
    data_magic (1.2)
      faker (>= 1.1.2)
      yml_reader (>= 0.6)
    diff-lcs (1.5.0)
    faker (3.1.1)
      i18n (>= 1.8.11, < 2)
    ffi (1.15.5)
    i18n (1.12.0)
      concurrent-ruby (~> 1.0)
    mime-types (3.4.1)
      mime-types-data (~> 3.2015)
    mime-types-data (3.2022.0105)
    multi_test (1.1.0)
    nokogiri (1.14.2-arm64-darwin)
      racc (~> 1.4)
    page-object (2.3.1)
      page_navigation (>= 0.10)
      watir (>= 6.10.3)
    page_navigation (0.10)
      data_magic (>= 0.22)
    racc (1.6.2)
    rake (13.0.6)
    regexp_parser (2.7.0)
    rexml (3.2.5)
    rspec (3.12.0)
      rspec-core (~> 3.12.0)
      rspec-expectations (~> 3.12.0)
      rspec-mocks (~> 3.12.0)
    rspec-core (3.12.1)
      rspec-support (~> 3.12.0)
    rspec-expectations (3.12.2)
      diff-lcs (>= 1.2.0, < 2.0)
      rspec-support (~> 3.12.0)
    rspec-mocks (3.12.3)
      diff-lcs (>= 1.2.0, < 2.0)
      rspec-support (~> 3.12.0)
    rspec-support (3.12.0)
    rubyzip (2.3.2)
    selenium-webdriver (4.8.0)
      rexml (~> 3.2, >= 3.2.5)
      rubyzip (>= 1.2.2, < 3.0)
      websocket (~> 1.0)
    sys-uname (1.2.2)
      ffi (~> 1.1)
    watir (7.2.2)
      regexp_parser (>= 1.2, < 3)
      selenium-webdriver (~> 4.2)
    webdrivers (5.2.0)
      nokogiri (~> 1.6)
      rubyzip (>= 1.3.0)
      selenium-webdriver (~> 4.0)
    websocket (1.2.9)
    yml_reader (0.7)

PLATFORMS
  arm64-darwin-22

DEPENDENCIES
  cucumber
  data_magic
  page-object (~> 2.0)
  rake
  rspec
  webdrivers

BUNDLED WITH
   2.4.6
